GIT
  remote: git://github.com/sinatra/sinatra.git
  revision: dcf926377f451461b2fee2be46605790dcb5db5e
  specs:
    sinatra (1.4.6)
      rack (~> 1.5, >= 1.5.4, < 1.6)
      rack-protection (~> 1.4)
      tilt (>= 1.3, < 3)

GEM
  remote: https://rubygems.org/
  specs:
    rack (1.5.5)
    rack-protection (1.5.3)
      rack
    tilt (2.0.1)

PLATFORMS
  ruby

DEPENDENCIES
  sinatra!

BUNDLED WITH
   1.11.2
